GEM
  remote: http://rubygems.org/
  specs:
    actionpack (2.3.11)
      activesupport (= 2.3.11)
      rack (~> 1.1.0)
    activesupport (2.3.11)
    git (1.2.5)
    jeweler (1.6.0)
      bundler (~> 1.0.0)
      git (>= 1.2.5)
      rake
    rack (1.1.2)
    rake (0.9.0)
    rcov (0.9.9)
    redgreen (1.2.2)
    shoulda (2.11.3)

PLATFORMS
  ruby

DEPENDENCIES
  actionpack (~> 2.3.11)
  activesupport (~> 2.3.11)
  bundler (~> 1.0.0)
  jeweler (~> 1.6.0)
  rcov
  redgreen (~> 1.2.2)
  shoulda (~> 2.11.3)
